PATH
  remote: .
  specs:
    ghibli_movies_cli_gem (0.1.0)

GEM
  remote: https://rubygems.org/
  specs:
    rake (10.5.0)

PLATFORMS
  ruby

DEPENDENCIES
  bundler (~> 1.16)
  ghibli_movies_cli_gem!
  rake (~> 10.5)

BUNDLED WITH
   1.16.1
